GEM
  remote: https://rubygems.org/
  specs:
    mini_magick (4.9.5)

PLATFORMS
  ruby

DEPENDENCIES
  mini_magick

BUNDLED WITH
   2.0.1
